GEM
  remote: https://rubygems.org/
  specs:
    tty-cursor (0.7.1)

PLATFORMS
  ruby

DEPENDENCIES
  tty-cursor

BUNDLED WITH
   2.1.4
